PATH
  remote: .
  specs:
    Sudoku_ruby (0.1.0)

GEM
  remote: https://rubygems.org/
  specs:
    rake (10.4.2)

PLATFORMS
  ruby

DEPENDENCIES
  Sudoku_ruby!
  bundler (~> 1.10)
  rake (~> 10.0)

BUNDLED WITH
   1.10.6
